GEM
  remote: https://rubygems.org/
  specs:
    httparty (0.15.6)
      multi_xml (>= 0.5.2)
    multi_xml (0.6.0)
    puma (2.11.2)
      rack (>= 1.1, < 2.0)
    rack (1.6.8)
    rack-protection (1.5.3)
      rack
    rake (12.1.0)
    sinatra (1.4.8)
      rack (~> 1.5)
      rack-protection (~> 1.4)
      tilt (>= 1.3, < 3)
    tilt (2.0.8)

PLATFORMS
  ruby

DEPENDENCIES
  httparty
  puma (= 2.11.2)
  rake
  sinatra

BUNDLED WITH
   1.10.6
